GEM
  remote: http://rubygems.org/
  specs:
    haml (3.1.7)
    httparty (0.9.0)
      multi_json (~> 1.0)
      multi_xml
    json (1.7.5)
    multi_json (1.5.0)
    multi_xml (0.5.1)
    rack (1.4.1)
    sass (3.2.3)
    sinatra (1.1.0)
      rack (~> 1.1)
      tilt (~> 1.1)
    tilt (1.3.3)
    tzinfo (0.3.35)

PLATFORMS
  ruby

DEPENDENCIES
  haml
  httparty
  json
  sass
  sinatra
  tzinfo
